PATH
  remote: .
  specs:
    qr4r (0.6.2)
      mojo_magick (~> 0.6.5)
      rqrcode_core (~> 1.0)

GEM
  remote: https://rubygems.org/
  specs:
    ast (2.4.2)
    minitest (5.14.4)
    mojo_magick (0.6.7)
    parallel (1.23.0)
    parser (3.0.1.0)
      ast (~> 2.4.1)
    rainbow (3.1.1)
    rake (13.0.3)
    regexp_parser (2.8.0)
    rexml (3.2.5)
    rqrcode_core (1.2.0)
    rubocop (1.13.0)
      parallel (~> 1.10)
      parser (>= 3.0.0.0)
      rainbow (>= 2.2.2, < 4.0)
      regexp_parser (>= 1.8, < 3.0)
      rexml
      rubocop-ast (>= 1.2.0, < 2.0)
      ruby-progressbar (~> 1.7)
      unicode-display_width (>= 1.4.0, < 3.0)
    rubocop-ast (1.4.1)
      parser (>= 2.7.1.5)
    rubocop-performance (1.10.2)
      rubocop (>= 0.90.0, < 2.0)
      rubocop-ast (>= 0.4.0)
    ruby-progressbar (1.13.0)
    unicode-display_width (2.4.2)

PLATFORMS
  ruby

DEPENDENCIES
  minitest (~> 5.14)
  qr4r!
  rake (~> 13.0)
  rubocop (~> 1.0)
  rubocop-performance (~> 1.8)

BUNDLED WITH
   2.2.33
